GEM
  remote: http://rubygems.org/
  specs:
    nokogiri (1.14.3-x86_64-linux)
      racc (~> 1.4)
    nokolexbor (0.4.2-x86_64-linux)
    racc (1.6.2)

PLATFORMS
  x86_64-linux

DEPENDENCIES
  nokogiri
  nokolexbor

BUNDLED WITH
   2.3.21
